GEM
  remote: https://rubygems.org/
  specs:
    diff-lcs (1.2.4)
    minitest (5.0.5)
    rspec (2.13.0)
      rspec-core (~> 2.13.0)
      rspec-expectations (~> 2.13.0)
      rspec-mocks (~> 2.13.0)
    rspec-core (2.13.1)
    rspec-expectations (2.13.0)
      diff-lcs (>= 1.1.3, < 2.0)
    rspec-mocks (2.13.1)
    watchr (0.7)

PLATFORMS
  ruby

DEPENDENCIES
  minitest
  rspec
  watchr
